GEM
  remote: https://rubygems.org/
  specs:
    daifuku (0.9.0)
      nokogiri (~> 1.15)
      redcarpet (~> 3.6)
    nokogiri (1.15.5-arm64-darwin)
      racc (~> 1.4)
    racc (1.7.3)
    redcarpet (3.6.0)

PLATFORMS
  arm64-darwin-22

DEPENDENCIES
  daifuku

BUNDLED WITH
   2.4.22
